PATH
  remote: .
  specs:
    classifier (1.4.2)
      fast-stemmer (~> 1.0)
      mutex_m (~> 0.2)
      rake

GEM
  remote: https://rubygems.org/
  specs:
    fast-stemmer (1.0.2)
    matrix (0.4.2)
    minitest (5.18.1)
    mutex_m (0.2.0)
    psych (5.1.2)
      stringio
    rake (13.0.6)
    rdoc (6.5.1.1)
      psych (>= 4.0.0)
    stringio (3.1.0)

PLATFORMS
  arm64-darwin-22
  arm64-darwin-23
  x86_64-linux

DEPENDENCIES
  classifier!
  fast-stemmer
  matrix
  minitest
  mutex_m
  rdoc

BUNDLED WITH
   2.4.17
