PATH
  remote: .
  specs:
    classifier (1.3.5)
      cmath
      fast-stemmer (~> 1.0.0)
      mathn
      rake

GEM
  remote: https://rubygems.org/
  specs:
    cmath (1.0.0)
    fast-stemmer (1.0.2)
    mathn (0.1.0)
    minitest (5.18.1)
    psych (5.1.0)
      stringio
    rake (13.0.6)
    rdoc (6.5.0)
      psych (>= 4.0.0)
    stringio (3.0.7)

PLATFORMS
  arm64-darwin-22

DEPENDENCIES
  classifier!
  minitest
  rdoc

BUNDLED WITH
   2.4.17
