GEM
  remote: https://rubygems.org/
  specs:
    diff-lcs (1.2.5)
    fast-stemmer (1.0.2)
    json (1.8.1)
    rake (10.1.1)
    rdoc (4.1.0)
      json (~> 1.4)
    rspec (2.14.1)
      rspec-core (~> 2.14.0)
      rspec-expectations (~> 2.14.0)
      rspec-mocks (~> 2.14.0)
    rspec-core (2.14.7)
    rspec-expectations (2.14.4)
      diff-lcs (>= 1.1.3, < 2.0)
    rspec-mocks (2.14.4)

PLATFORMS
  ruby

DEPENDENCIES
  fast-stemmer
  rake
  rdoc
  rspec
  stemmify
